PATH
  remote: .
  specs:
    tuka (0.1.1)
      CFPropertyList
      awesome_print
      colored2
      curb
      lolcat
      thor (~> 0.20)
      whirly
      xcodeproj (~> 1.7.0)

GEM
  remote: https://rubygems.org/
  specs:
    CFPropertyList (3.0.0)
    atomos (0.1.3)
    awesome_print (1.8.0)
    byebug (10.0.2)
    claide (1.0.2)
    coderay (1.1.2)
    colored2 (3.1.2)
    curb (0.9.10)
    diff-lcs (1.3)
    interception (0.5)
    lolcat (99.9.69)
      manpages (~> 0.6.1)
      optimist (~> 3.0.0)
      paint (~> 2.0.0)
    manpages (0.6.1)
    method_source (0.9.2)
    nanaimo (0.2.6)
    optimist (3.0.0)
    paint (2.0.3)
    pry (0.12.2)
      coderay (~> 1.1.0)
      method_source (~> 0.9.0)
    pry-byebug (3.6.0)
      byebug (~> 10.0)
      pry (~> 0.10)
    pry-rescue (1.5.0)
      interception (>= 0.5)
      pry (>= 0.12.0)
    rake (10.5.0)
    rspec (3.8.0)
      rspec-core (~> 3.8.0)
      rspec-expectations (~> 3.8.0)
      rspec-mocks (~> 3.8.0)
    rspec-core (3.8.0)
      rspec-support (~> 3.8.0)
    rspec-expectations (3.8.2)
      diff-lcs (>= 1.2.0, < 2.0)
      rspec-support (~> 3.8.0)
    rspec-mocks (3.8.0)
      diff-lcs (>= 1.2.0, < 2.0)
      rspec-support (~> 3.8.0)
    rspec-support (3.8.0)
    thor (0.20.3)
    unicode-display_width (1.6.0)
    whirly (0.2.6)
      unicode-display_width (~> 1.1)
    xcodeproj (1.7.0)
      CFPropertyList (>= 2.3.3, < 4.0)
      atomos (~> 0.1.3)
      claide (>= 1.0.2, < 2.0)
      colored2 (~> 3.1)
      nanaimo (~> 0.2.6)

PLATFORMS
  ruby

DEPENDENCIES
  bundler (~> 1.16)
  pry (~> 0.12.2)
  pry-byebug
  pry-rescue
  rake (~> 10.0)
  rspec (~> 3.0)
  tuka!

BUNDLED WITH
   1.17.2
